GEM
  remote: https://rubygems.org/
  specs:
    activesupport (8.0.1)
      base64
      benchmark (>= 0.3)
      bigdecimal
      concurrent-ruby (~> 1.0, >= 1.3.1)
      connection_pool (>= 2.2.5)
      drb
      i18n (>= 1.6, < 2)
      logger (>= 1.4.2)
      minitest (>= 5.1)
      securerandom (>= 0.3)
      tzinfo (~> 2.0, >= 2.0.5)
      uri (>= 0.13.1)
    aws-eventstream (1.3.1)
    aws-sigv4 (1.11.0)
      aws-eventstream (~> 1, >= 1.0.2)
    base64 (0.2.0)
    benchmark (0.4.0)
    bigdecimal (3.1.9)
    childprocess (5.0.0)
    concurrent-ruby (1.3.5)
    confidante (0.28.0)
      activesupport (>= 4)
      hiera (~> 3.3)
      shikashi (~> 0.6)
      vault (~> 0.17)
    connection_pool (2.5.0)
    diff-lcs (1.6.0)
    drb (2.2.1)
    evalhook (0.6.0)
      partialruby (~> 0.3)
      sexp_processor (~> 4.0)
    getsource (0.2.2)
    hamster (3.0.0)
      concurrent-ruby (~> 1.0)
    hiera (3.12.0)
    i18n (1.14.7)
      concurrent-ruby (~> 1.0)
    immutable-struct (2.5.0)
    lino (4.1.0)
      childprocess (~> 5.0.0)
      hamster (~> 3.0)
      open4 (~> 1.3)
    logger (1.6.6)
    minitest (5.25.4)
    open4 (1.3.4)
    partialruby (0.3.0)
      ruby2ruby (~> 2)
      ruby_parser (~> 3)
    racc (1.8.1)
    rspec (3.13.0)
      rspec-core (~> 3.13.0)
      rspec-expectations (~> 3.13.0)
      rspec-mocks (~> 3.13.0)
    rspec-core (3.13.3)
      rspec-support (~> 3.13.0)
    rspec-expectations (3.13.3)
      diff-lcs (>= 1.2.0, < 2.0)
      rspec-support (~> 3.13.0)
    rspec-mocks (3.13.2)
      diff-lcs (>= 1.2.0, < 2.0)
      rspec-support (~> 3.13.0)
    rspec-support (3.13.2)
    rspec-terraform (0.5.0.pre.9)
      confidante (>= 0.27)
      rspec (>= 3.0)
      ruby-terraform (= 1.8.0)
    ruby-terraform (1.8.0)
      immutable-struct (~> 2.4)
      lino (>= 4.1)
    ruby2ruby (2.5.1)
      ruby_parser (~> 3.1)
      sexp_processor (~> 4.6)
    ruby_parser (3.21.1)
      racc (~> 1.5)
      sexp_processor (~> 4.16)
    securerandom (0.4.1)
    sexp_processor (4.17.3)
    shikashi (0.6.0)
      evalhook (>= 0.6.0)
      getsource (>= 0.1.0)
    tzinfo (2.0.6)
      concurrent-ruby (~> 1.0)
    uri (1.0.3)
    vault (0.18.2)
      aws-sigv4

PLATFORMS
  arm64-darwin-23
  ruby

DEPENDENCIES
  racc
  rspec
  rspec-terraform

BUNDLED WITH
   2.5.17
