GIT
  remote: https://github.com/highwingio/rspec-terraform.git
  revision: a40049ecc6be70f6905af5155caa5b4d789c6e99
  specs:
    rspec-terraform (0.1.0)
      rspec (~> 3.0)
      ruby-terraform (~> 1.7)

GEM
  remote: https://rubygems.org/
  specs:
    concurrent-ruby (1.1.10)
    diff-lcs (1.5.0)
    hamster (3.0.0)
      concurrent-ruby (~> 1.0)
    immutable-struct (2.4.1)
    lino (3.1.0)
      hamster (~> 3.0)
      open4 (~> 1.3)
    open4 (1.3.4)
    rspec (3.12.0)
      rspec-core (~> 3.12.0)
      rspec-expectations (~> 3.12.0)
      rspec-mocks (~> 3.12.0)
    rspec-core (3.12.0)
      rspec-support (~> 3.12.0)
    rspec-expectations (3.12.2)
      diff-lcs (>= 1.2.0, < 2.0)
      rspec-support (~> 3.12.0)
    rspec-mocks (3.12.2)
      diff-lcs (>= 1.2.0, < 2.0)
      rspec-support (~> 3.12.0)
    rspec-support (3.12.0)
    ruby-terraform (1.7.0)
      immutable-struct (~> 2.4)
      lino (~> 3.0)

PLATFORMS
  arm64-darwin-21

DEPENDENCIES
  rspec
  rspec-terraform!

BUNDLED WITH
   2.3.11
